GEM
  remote: https://rubygems.org/
  specs:
    base64 (0.2.0)
    caracal (1.4.1)
      nokogiri (~> 1.6)
      rubyzip (~> 1.1)
      tilt (>= 1.4)
    faraday (2.7.11)
      base64
      faraday-net_http (>= 2.0, < 3.1)
      ruby2_keywords (>= 0.0.4)
    faraday-net_http (3.0.2)
    gruff (0.22.0)
      histogram
      rmagick (>= 4.2)
    histogram (0.2.4.1)
    nokogiri (1.15.4-x86_64-linux)
      racc (~> 1.4)
    racc (1.7.3)
    rmagick (4.2.3)
    ruby2_keywords (0.0.5)
    rubyzip (1.3.0)
    tilt (2.3.0)

PLATFORMS
  x86_64-linux

DEPENDENCIES
  caracal
  faraday
  gruff
  rmagick (= 4.2.3)

BUNDLED WITH
   2.4.1
